GEM
  remote: https://rubygems.org/
  specs:
    httparty (0.14.0)
      multi_xml (>= 0.5.2)
    json (2.0.3)
    multi_xml (0.6.0)
    redis (3.3.3)

PLATFORMS
  ruby

DEPENDENCIES
  httparty
  json
  redis

BUNDLED WITH
   1.14.1
